GEM
  remote: https://rubygems.org/
  specs:
    rake (10.3.2)

PLATFORMS
  x86-mingw32

DEPENDENCIES
  rake (= 10.3.2)
